GEM
  remote: https://rubygems.org/
  specs:
    rubystats (0.3.0)

PLATFORMS
  x86_64-linux

DEPENDENCIES
  rubystats (= 0.3.0)

BUNDLED WITH
   2.2.16
